PATH
  remote: .
  specs:
    pathological (0.1.4)

GEM
  remote: http://rubygems.org/
  specs:
    minitest (2.1.0)
    rdiscount (1.6.8)
    rr (1.0.3)
    scope (0.2.2)
      minitest
    yard (0.7.2)

PLATFORMS
  ruby

DEPENDENCIES
  pathological!
  rdiscount (~> 1.6.8)
  rr (~> 1.0.3)
  scope (~> 0.2.2)
  yard (~> 0.7.2)
